GEM
  remote: https://rubygems.org/
  specs:
    commonjs (0.2.7)
    daemons (1.1.9)
    eventmachine (1.0.3)
    less (2.6.0)
      commonjs (~> 0.2.7)
    libv8 (3.16.14.7)
    rack (1.5.2)
    rack-protection (1.5.3)
      rack
    ref (1.0.5)
    shotgun (0.9)
      rack (>= 1.0)
    sinatra (1.4.5)
      rack (~> 1.4)
      rack-protection (~> 1.4)
      tilt (~> 1.3, >= 1.3.4)
    slim (2.0.3)
      temple (~> 0.6.6)
      tilt (>= 1.3.3, < 2.1)
    temple (0.6.8)
    therubyracer (0.12.1)
      libv8 (~> 3.16.14.0)
      ref
    thin (1.6.2)
      daemons (>= 1.0.9)
      eventmachine (>= 1.0.0)
      rack (>= 1.0.0)
    tilt (1.4.1)

PLATFORMS
  ruby

DEPENDENCIES
  less
  shotgun
  sinatra (~> 1.4.5)
  slim
  therubyracer
  thin
