GEM
  remote: https://rubygems.org/
  specs:
    commonjs (0.2.7)
    daemons (1.2.3)
    eventmachine (1.0.8)
    less (2.6.0)
      commonjs (~> 0.2.7)
    libv8 (3.16.14.13)
    rack (1.6.4)
    rack-protection (1.5.3)
      rack
    ref (2.0.0)
    shotgun (0.9.1)
      rack (>= 1.0)
    sinatra (1.4.6)
      rack (~> 1.4)
      rack-protection (~> 1.4)
      tilt (>= 1.3, < 3)
    slim (3.0.6)
      temple (~> 0.7.3)
      tilt (>= 1.3.3, < 2.1)
    temple (0.7.6)
    therubyracer (0.12.2)
      libv8 (~> 3.16.14.0)
      ref
    thin (1.6.4)
      daemons (~> 1.0, >= 1.0.9)
      eventmachine (~> 1.0, >= 1.0.4)
      rack (~> 1.0)
    tilt (2.0.1)

PLATFORMS
  ruby

DEPENDENCIES
  less
  shotgun
  sinatra (~> 1.4.5)
  slim
  therubyracer
  thin

BUNDLED WITH
   1.10.6
